GEM
  remote: https://rubygems.org/
  specs:
    ffi (1.16.3)
    listen (3.8.0)
      rb-fsevent (~> 0.10, >= 0.10.3)
      rb-inotify (~> 0.9, >= 0.9.10)
    mustermann (1.1.2)
      ruby2_keywords (~> 0.0.1)
    rack (2.2.8)
    rack-protection (2.0.3)
      rack
    rb-fsevent (0.11.2)
    rb-inotify (0.10.1)
      ffi (~> 1.0)
    rerun (0.13.0)
      listen (~> 3.0)
    ruby2_keywords (0.0.5)
    sinatra (2.0.3)
      mustermann (~> 1.0)
      rack (~> 2.0)
      rack-protection (= 2.0.3)
      tilt (~> 2.0)
    tilt (2.3.0)

PLATFORMS
  x86_64-linux

DEPENDENCIES
  rerun (= 0.13.0)
  sinatra (= 2.0.3)

RUBY VERSION
   ruby 3.0.2p107

BUNDLED WITH
   2.4.19
